PATH
  remote: /Users/tomw/Projects/tools/l2
  specs:
    lanyon (0.0.1)
      activesupport (~> 3.0)
      i18n
      less
      liquid (~> 2.1.3)
      open4
      rdiscount
      sass
      tzinfo

GEM
  remote: http://rubygems.org/
  specs:
    activesupport (3.0.4)
    i18n (0.5.0)
    less (1.2.21)
      mutter (>= 0.4.2)
      treetop (>= 1.4.2)
    liquid (2.1.3)
    mutter (0.5.3)
    open4 (1.0.1)
    polyglot (0.3.1)
    rdiscount (1.6.8)
    sass (3.1.0.alpha.221)
    treetop (1.4.9)
      polyglot (>= 0.3.1)
    tzinfo (0.3.24)

PLATFORMS
  ruby

DEPENDENCIES
  lanyon!
