PATH
  remote: /Users/tomw/Projects/tools/l2
  specs:
    lanyon (0.0.1)
      activesupport (~> 3.0)
      albino (~> 1.3.3)
      i18n (~> 0.4.1)
      less (~> 1.2.21)
      liquid (~> 2.1.3)
      rdiscount (~> 1.6.5)
      sass (~> 3.1.0)
      tzinfo (~> 0.3.23)

GEM
  remote: http://rubygems.org/
  specs:
    activesupport (3.0.4)
    albino (1.3.3)
      posix-spawn (>= 0.3.6)
    i18n (0.4.1)
    less (1.2.21)
      mutter (>= 0.4.2)
      treetop (>= 1.4.2)
    liquid (2.1.3)
    mutter (0.5.3)
    polyglot (0.3.1)
    posix-spawn (0.3.6)
    rdiscount (1.6.8)
    sass (3.1.5)
    treetop (1.4.9)
      polyglot (>= 0.3.1)
    tzinfo (0.3.24)

PLATFORMS
  ruby

DEPENDENCIES
  albino
  lanyon!
