PATH
  remote: /Users/tomw/Desktop/Herzog/Projects/tools/l2
  specs:
    lanyon (0.0.1)
      activesupport (~> 3.0)
      albino (~> 1.3.3)
      i18n (~> 0.4.1)
      less (~> 1.2.21)
      liquid (~> 2.1.3)
      rdiscount (~> 1.6.5)
      sass (~> 3.1.0)
      sass (~> 3.1.15)
      tzinfo (~> 0.3.23)

GEM
  remote: http://rubygems.org/
  specs:
    activesupport (3.1.4)
      multi_json (~> 1.0)
    albino (1.3.3)
      posix-spawn (>= 0.3.6)
    capistrano (2.9.0)
      highline
      net-scp (>= 1.0.0)
      net-sftp (>= 2.0.0)
      net-ssh (>= 2.0.14)
      net-ssh-gateway (>= 1.1.0)
    ffi (1.0.11)
    guard (1.0.0)
      ffi (>= 0.5.0)
      thor (~> 0.14.6)
    guard-sass (0.5.4)
      guard (>= 0.4.0)
      sass (>= 3.1)
    highline (1.6.11)
    i18n (0.4.2)
    less (1.2.21)
      mutter (>= 0.4.2)
      treetop (>= 1.4.2)
    liquid (2.1.3)
    multi_json (1.3.4)
    mutter (0.5.3)
    net-scp (1.0.4)
      net-ssh (>= 1.99.1)
    net-sftp (2.0.5)
      net-ssh (>= 2.0.9)
    net-ssh (2.3.0)
    net-ssh-gateway (1.1.0)
      net-ssh (>= 1.99.1)
    open4 (1.3.0)
    polyglot (0.3.3)
    posix-spawn (0.3.6)
    rb-fsevent (0.9.0)
    rdiscount (1.6.8)
    recap (1.0.0)
      capistrano (~> 2.9.0)
      open4
      thor
    sass (3.1.15)
    thor (0.14.6)
    treetop (1.4.10)
      polyglot
      polyglot (>= 0.3.1)
    tzinfo (0.3.33)

PLATFORMS
  ruby

DEPENDENCIES
  albino
  guard-sass
  lanyon!
  rb-fsevent
  recap (~> 1.0.0)
