PATH
  remote: /Users/tomw/Projects/tools/l2
  specs:
    lanyon (0.0.1)
      activesupport (~> 3.0)
      albino (~> 1.3.3)
      i18n (~> 0.4.1)
      less (~> 1.2.21)
      liquid (~> 2.1.3)
      rdiscount (~> 1.6.5)
      sass (~> 3.1.0)
      tzinfo (~> 0.3.23)

PATH
  remote: /Users/tomw/Projects/tools/tomafro-deploy
  specs:
    tomafro-deploy (0.0.1)
      capistrano (~> 2.8.0)

GEM
  remote: http://rubygems.org/
  specs:
    activesupport (3.0.4)
    albino (1.3.3)
      posix-spawn (>= 0.3.6)
    capistrano (2.8.0)
      highline
      net-scp (>= 1.0.0)
      net-sftp (>= 2.0.0)
      net-ssh (>= 2.0.14)
      net-ssh-gateway (>= 1.1.0)
    highline (1.6.2)
    i18n (0.4.1)
    less (1.2.21)
      mutter (>= 0.4.2)
      treetop (>= 1.4.2)
    liquid (2.1.3)
    mutter (0.5.3)
    net-scp (1.0.4)
      net-ssh (>= 1.99.1)
    net-sftp (2.0.5)
      net-ssh (>= 2.0.9)
    net-ssh (2.1.4)
    net-ssh-gateway (1.1.0)
      net-ssh (>= 1.99.1)
    polyglot (0.3.1)
    posix-spawn (0.3.6)
    rdiscount (1.6.8)
    sass (3.1.5)
    treetop (1.4.9)
      polyglot (>= 0.3.1)
    tzinfo (0.3.24)

PLATFORMS
  ruby

DEPENDENCIES
  albino
  lanyon!
  tomafro-deploy!
